GEM
  remote: https://rubygems.org/
  specs:
    cocoapods-downloader (1.0.0)
    daemons (1.2.3)
    metaclass (0.0.4)
    mini_portile2 (2.0.0)
    mocha (1.1.0)
      metaclass (~> 0.0.1)
    mono_logger (1.1.0)
    multi_json (1.12.0)
    mustermann (3.0.0)
      ruby2_keywords (~> 0.0.1)
    nokogiri (1.6.7.2)
      mini_portile2 (~> 2.0.0.rc2)
    power_assert (0.2.6)
    rack (2.2.4)
    rack-protection (3.0.4)
      rack
    rake (11.1.2)
    redis (3.3.0)
    redis-namespace (1.5.2)
      redis (~> 3.0, >= 3.0.4)
    resque (1.26.0)
      mono_logger (~> 1.0)
      multi_json (~> 1.0)
      redis-namespace (~> 1.3)
      sinatra (>= 0.9.2)
      vegas (~> 0.1.2)
    ruby2_keywords (0.0.5)
    sinatra (3.0.4)
      mustermann (~> 3.0)
      rack (~> 2.2, >= 2.2.4)
      rack-protection (= 3.0.4)
      tilt (~> 2.0)
    test-unit (3.1.5)
      power_assert
    tilt (2.0.11)
    vegas (0.1.11)
      rack (>= 1.0.0)

PLATFORMS
  ruby

DEPENDENCIES
  cocoapods-downloader (~> 1.0)
  daemons (~> 1.2)
  mocha (~> 1.1)
  nokogiri (~> 1.6)
  rake (~> 11.1)
  redis (~> 3.3)
  resque (~> 1.26)
  test-unit (~> 3.1)

BUNDLED WITH
   1.12.3
