GEM
  remote: https://rubygems.org/
  specs:
    cocoapods-downloader (1.0.0)

PLATFORMS
  ruby

DEPENDENCIES
  cocoapods-downloader (~> 1.0)

BUNDLED WITH
   1.12.3
