GEM
  remote: https://rubygems.org/
  specs:
    cocoapods-downloader (1.6.0)
    daemons (1.2.3)
    metaclass (0.0.4)
    mini_portile2 (2.0.0)
    mocha (1.1.0)
      metaclass (~> 0.0.1)
    mono_logger (1.1.0)
    multi_json (1.12.0)
    nokogiri (1.6.7.2)
      mini_portile2 (~> 2.0.0.rc2)
    power_assert (0.2.6)
    rack (1.6.4)
    rack-protection (1.5.3)
      rack
    rake (11.1.2)
    redis (3.3.0)
    redis-namespace (1.5.2)
      redis (~> 3.0, >= 3.0.4)
    resque (1.26.0)
      mono_logger (~> 1.0)
      multi_json (~> 1.0)
      redis-namespace (~> 1.3)
      sinatra (>= 0.9.2)
      vegas (~> 0.1.2)
    sinatra (1.4.7)
      rack (~> 1.5)
      rack-protection (~> 1.4)
      tilt (>= 1.3, < 3)
    test-unit (3.1.5)
      power_assert
    tilt (2.0.4)
    vegas (0.1.11)
      rack (>= 1.0.0)

PLATFORMS
  ruby

DEPENDENCIES
  cocoapods-downloader (~> 1.6)
  daemons (~> 1.2)
  mocha (~> 1.1)
  nokogiri (~> 1.6)
  rake (~> 11.1)
  redis (~> 3.3)
  resque (~> 1.26)
  test-unit (~> 3.1)

BUNDLED WITH
   1.12.3
